GEM
  remote: https://rubygems.org/
  specs:
    addressable (2.3.5)
    em-http-request (0.3.0)
      addressable (>= 2.0.0)
      escape_utils
      eventmachine (>= 0.12.9)
    em-websocket (0.5.0)
      eventmachine (>= 0.12.9)
      http_parser.rb (~> 0.5.3)
    escape_utils (1.0.1)
    eventmachine (1.0.3)
    http_parser.rb (0.5.3)
    json (1.8.1)
    mime-types (2.1)
    redis (3.0.7)
    redis-namespace (1.4.1)
      redis (~> 3.0.4)
    rest-client (1.6.7)
      mime-types (>= 1.16)

PLATFORMS
  ruby

DEPENDENCIES
  em-http-request (= 0.3.0)
  em-websocket
  eventmachine
  json
  redis
  redis-namespace
  rest-client
